GEM
  specs:
    json (1.6.3)

PLATFORMS
  ruby

DEPENDENCIES
  json
