GEM
  specs:
    json (1.6.4)

PLATFORMS
  ruby

DEPENDENCIES
  json
